

GROUP Build
NUGET
  remote: https://www.nuget.org/api/v2
  specs:
    docfx.msbuild (1.4.2)
    FAKE (4.19.0)
    ReportUnit (1.2.1)

GROUP Test
NUGET
  remote: https://www.nuget.org/api/v2
  specs:
    NUnit (2.6.4)
    NUnit.Runners (2.6.4)
