

GROUP Build
NUGET
  remote: https://www.nuget.org/api/v2
  specs:
    docfx.msbuild (1.4.0)
    FAKE (4.17.1)
    ReportUnit (1.2.1)

GROUP Test
NUGET
  remote: https://www.nuget.org/api/v2
  specs:
    NUnit (2.6.4)
    NUnit.Runners (2.6.4)
